PATH
  remote: .
  specs:
    auditlog (0.0.1)
      rails (~> 4, >= 4.0.0)

GEM
  remote: https://rubygems.org/

PLATFORMS
  ruby

DEPENDENCIES
  auditlog!

BUNDLED WITH
   1.16.3
